NUGET
  remote: http://nuget.org/api/v2
  specs:
    FAKE (4.7.2)
    FSharp.Compiler.Service (1.4.0.6) - framework: >= net452
    FSharp.Formatting (2.12.0) - framework: >= net452
      FSharp.Compiler.Service (1.4.0.6)
      FSharpVSPowerTools.Core (2.1.0)
    FSharp.Formatting.CommandTool (2.12.0) - framework: >= net452
    FSharpVSPowerTools.Core (2.1.0) - framework: >= net452
      FSharp.Compiler.Service (>= 1.4.0.6)
