NUGET
  remote: http://www.nuget.org/api/v2
    FAKE (4.7.2)
    FSharp.Compiler.Service (1.4.0.6)
    FSharp.Compiler.Tools (4.0.0.1)
    FSharp.Core (4.0.0.1)
    FSharp.Formatting (2.12) - restriction: >= net462
      FSharp.Compiler.Service (1.4.0.6)
      FSharpVSPowerTools.Core (2.1)
    FSharp.Formatting.CommandTool (2.12) - restriction: >= net462
    FSharpVSPowerTools.Core (2.1) - restriction: >= net462
      FSharp.Compiler.Service (>= 1.4.0.6)
